PATH
  remote: .
  specs:
    g-stat (0.0.1)
      json (~> 1.8)

GEM
  remote: https://rubygems.org/
  specs:
    json (1.8.1)
    rake (10.3.1)

PLATFORMS
  ruby

DEPENDENCIES
  bundler (~> 1.3)
  g-stat!
  rake
